GEM
  remote: http://rubygems.org/
  specs:
    addressable (2.5.1)
      public_suffix (~> 2.0, >= 2.0.2)
    bson (4.2.1)
    bson_ext (1.5.1)
    cookiejar (0.3.3)
    em-http-request (1.1.5)
      addressable (>= 2.3.4)
      cookiejar (!= 0.3.1)
      em-socksify (>= 0.3)
      eventmachine (>= 1.0.3)
      http_parser.rb (>= 0.6.0)
    em-socksify (0.3.1)
      eventmachine (>= 1.0.0.beta.4)
    eventmachine (1.2.3)
    http_parser.rb (0.6.0)
    log4r (1.1.10)
    mongo (2.4.1)
      bson (>= 4.2.1, < 5.0.0)
    public_suffix (2.0.5)
    yajl-ruby (1.3.0)

PLATFORMS
  ruby

DEPENDENCIES
  bson
  bson_ext
  em-http-request
  eventmachine
  log4r
  mongo
  yajl-ruby

RUBY VERSION
   ruby 2.4.1p111

BUNDLED WITH
   1.14.6
